GEM
  remote: https://rubygems.org/
  specs:
    docopt (0.6.1)
    power_assert (1.1.4)
    rake (12.3.3)
    test-unit (3.3.3)
      power_assert

PLATFORMS
  ruby

DEPENDENCIES
  docopt (~> 0.6.1)
  rake (~> 12.3)
  test-unit (~> 3.3)

BUNDLED WITH
   1.11.2
