GEM
  remote: https://rubygems.org/
  specs:
    docopt (0.6.1)
    power_assert (2.0.3)
    rake (13.2.1)
    test-unit (3.6.2)
      power_assert

PLATFORMS
  ruby

DEPENDENCIES
  docopt (~> 0.6.1)
  rake (~> 13.2)
  test-unit (~> 3.6)

BUNDLED WITH
   2.4.4
