GEM
  remote: https://rubygems.org/
  specs:
    docopt (0.6.1)
    power_assert (1.1.5)
    rake (13.0.1)
    test-unit (3.3.5)
      power_assert

PLATFORMS
  ruby

DEPENDENCIES
  docopt (~> 0.6.1)
  rake (~> 13.0)
  test-unit (~> 3.3)

BUNDLED WITH
   1.11.2
