GEM
  remote: https://rubygems.org/
  specs:
    docopt (0.6.1)
    power_assert (2.0.3)
    rake (13.0.6)
    test-unit (3.5.7)
      power_assert

PLATFORMS
  ruby

DEPENDENCIES
  docopt (~> 0.6.1)
  rake (~> 13.0)
  test-unit (~> 3.5)

BUNDLED WITH
   2.4.4
