GEM
  remote: https://rubygems.org/
  specs:
    power_assert (0.2.7)
    rake (10.5.0)
    test-unit (3.1.7)
      power_assert

PLATFORMS
  ruby

DEPENDENCIES
  rake (~> 10.5)
  test-unit (~> 3.1, >= 3.1.7)

BUNDLED WITH
   1.11.2
