GEM
  remote: https://rubygems.org/
  specs:
    docopt (0.6.1)
    power_assert (2.0.5)
    rake (13.3.0)
    test-unit (3.7.0)
      power_assert

PLATFORMS
  ruby

DEPENDENCIES
  docopt (~> 0.6.1)
  rake (~> 13.3)
  test-unit (~> 3.7)

BUNDLED WITH
   2.4.4
