GEM
  remote: https://rubygems.org/
  specs:
    docopt (0.6.1)
    power_assert (2.0.0)
    rake (13.0.6)
    test-unit (3.4.4)
      power_assert

PLATFORMS
  ruby

DEPENDENCIES
  docopt (~> 0.6.1)
  rake (~> 13.0)
  test-unit (~> 3.4)

BUNDLED WITH
   1.11.2
