GEM
  remote: https://rubygems.org/
  specs:
    docopt (0.5.0)
    power_assert (0.2.7)
    rake (12.3.3)
    test-unit (3.1.7)
      power_assert

PLATFORMS
  ruby

DEPENDENCIES
  docopt (~> 0.5.0)
  rake (~> 12.3)
  test-unit (~> 3.1, >= 3.1.7)

BUNDLED WITH
   1.11.2
